PATH
  remote: /Users/anichols/git/ganglia-graph-dsl
  specs:
    ganglia_graph (0.0.1)

GEM
  remote: http://rubygems.org/
  specs:
    graphite_graph (0.0.1)
    rack (1.4.1)
    rack-protection (1.2.0)
      rack
    redcarpet (2.1.1)
    sinatra (1.3.2)
      rack (~> 1.3, >= 1.3.6)
      rack-protection (~> 1.2)
      tilt (~> 1.3, >= 1.3.3)
    tilt (1.3.3)

PLATFORMS
  ruby

DEPENDENCIES
  ganglia_graph!
  graphite_graph
  redcarpet
  sinatra
